GIT
  remote: git://github.com/activerecord-hackery/ransack.git
  revision: d9f516f9185cf7eb7c9853a942493460e304857e
  branch: rails-4.2
  specs:
    ransack (1.2.4)
      actionpack (~> 4.2.0)
      activerecord (~> 4.2.0)
      activesupport (~> 4.2.0)
      i18n
      polyamorous (~> 1.1)

GIT
  remote: git://github.com/huobazi/carrierwave-qiniu.git
  revision: abbf6083f629578cdb5bdd705d94cd1281c0c278
  specs:
    carrierwave-qiniu (0.2.1)
      carrierwave
      qiniu (~> 6.5.1)

GIT
  remote: git://github.com/rails/actioncable.git
  revision: 92adbc2fab09445cd29022e1ac19bd65e66e9760
  branch: archive
  specs:
    actioncable (0.0.3)
      actionpack (>= 4.2.0)
      activesupport (>= 4.2.0)
      celluloid (~> 0.16.0)
      coffee-rails
      em-hiredis (~> 0.3.0)
      faye-websocket (~> 0.10.0)
      redis (~> 3.0)
      websocket-driver (~> 0.6.1)

GIT
  remote: git://github.com/stefanpenner/country_select.git
  revision: 20f83bda911abd7c1d5cb96fd37f9ea22d892f0e
  specs:
    country_select (2.2.0)
      countries (~> 0.11.0)
      sort_alphabetical (~> 1.0)

GIT
  remote: https://github.com/yangsr/omniauth-wechat-oauth2.git
  revision: 63e9ca5bd51d84bb554b3f22098b39347a710970
  specs:
    omniauth-wechat-oauth2 (0.1.0)
      omniauth (~> 1.0)
      omniauth-oauth2 (~> 1.0)

PATH
  remote: crm
  specs:
    crm (0.0.1)
      rails (~> 4.2.0)

GEM
  remote: http://gems.ruby-china.org/
  remote: http://rails-assets.org/
  specs:
    actionmailer (4.2.0)
      actionpack (= 4.2.0)
      actionview (= 4.2.0)
      activejob (= 4.2.0)
      mail (~> 2.5, >= 2.5.4)
      rails-dom-testing (~> 1.0, >= 1.0.5)
    actionpack (4.2.0)
      actionview (= 4.2.0)
      activesupport (= 4.2.0)
      rack (~> 1.6.0)
      rack-test (~> 0.6.2)
      rails-dom-testing (~> 1.0, >= 1.0.5)
      rails-html-sanitizer (~> 1.0, >= 1.0.1)
    actionview (4.2.0)
      activesupport (= 4.2.0)
      builder (~> 3.1)
      erubis (~> 2.7.0)
      rails-dom-testing (~> 1.0, >= 1.0.5)
      rails-html-sanitizer (~> 1.0, >= 1.0.1)
    active_model_serializers (0.8.3)
      activemodel (>= 3.0)
    activeadmin (1.0.0.pre1)
      arbre (~> 1.0, >= 1.0.2)
      bourbon
      coffee-rails
      formtastic (~> 3.1)
      formtastic_i18n
      inherited_resources (~> 1.6)
      jquery-rails
      jquery-ui-rails (~> 5.0)
      kaminari (~> 0.15)
      rails (>= 3.2, < 5.0)
      ransack
      sass-rails
    activejob (4.2.0)
      activesupport (= 4.2.0)
      globalid (>= 0.3.0)
    activemodel (4.2.0)
      activesupport (= 4.2.0)
      builder (~> 3.1)
    activerecord (4.2.0)
      activemodel (= 4.2.0)
      activesupport (= 4.2.0)
      arel (~> 6.0)
    activeresource (4.0.0)
      activemodel (~> 4.0)
      activesupport (~> 4.0)
      rails-observers (~> 0.1.1)
    activesupport (4.2.0)
      i18n (~> 0.7)
      json (~> 1.7, >= 1.7.7)
      minitest (~> 5.1)
      thread_safe (~> 0.3, >= 0.3.4)
      tzinfo (~> 1.1)
    addressable (2.3.8)
    airbrake (6.0.0)
      airbrake-ruby (~> 2.0)
    airbrake-ruby (2.2.2)
    alipay (0.12.0)
    arbre (1.0.3)
      activesupport (>= 3.0.0)
    arel (6.0.0)
    autoprefixer-rails (6.1.2)
      execjs
      json
    axiom-types (0.1.1)
      descendants_tracker (~> 0.0.4)
      ice_nine (~> 0.11.0)
      thread_safe (~> 0.3, >= 0.3.1)
    aylien_text_api (0.2.0)
    bcrypt (3.1.10)
    binding_of_caller (0.7.2)
      debug_inspector (>= 0.0.1)
    bootstrap-sass (3.3.6)
      autoprefixer-rails (>= 5.2.1)
      sass (>= 3.3.4)
    bourbon (4.2.3)
      sass (~> 3.4)
      thor
    bson (3.2.6)
    buftok (0.2.0)
    builder (3.2.2)
    cancancan (1.13.1)
    capistrano (3.4.0)
      i18n
      rake (>= 10.0.0)
      sshkit (~> 1.3)
    capistrano-bundler (1.1.4)
      capistrano (~> 3.1)
      sshkit (~> 1.2)
    capistrano-faster-assets (1.0.2)
      capistrano (>= 3.1)
    capistrano-rails (1.1.3)
      capistrano (~> 3.1)
      capistrano-bundler (~> 1.1)
    capistrano-rbenv (2.0.3)
      capistrano (~> 3.1)
      sshkit (~> 1.3)
    capistrano-sidekiq (0.4.0)
      capistrano
      sidekiq
    capistrano-ssh-doctor (1.0.0)
      capistrano (>= 3.1)
    capistrano3-unicorn (0.2.1)
      capistrano (~> 3.1, >= 3.1.0)
    capybara (2.4.4)
      mime-types (>= 1.16)
      nokogiri (>= 1.3.3)
      rack (>= 1.0.0)
      rack-test (>= 0.5.4)
      xpath (~> 2.0)
    caracal (0.3.0)
      nokogiri (~> 1.6)
      rubyzip (~> 1.1)
      tilt (~> 1.4)
    caracal-rails (0.2.0)
      caracal (~> 0.2)
      rails (>= 3.2)
    carrierwave (0.10.0)
      activemodel (>= 3.2.0)
      activesupport (>= 3.2.0)
      json (>= 1.7)
      mime-types (>= 1.16)
    celluloid (0.16.0)
      timers (~> 4.0.0)
    charlock_holmes (0.7.5)
    china_sms (0.0.7)
    chronic (0.10.2)
    climate_control (0.0.3)
      activesupport (>= 3.0)
    cocaine (0.5.7)
      climate_control (>= 0.0.3, < 1.0)
    coderay (1.1.0)
    coercible (1.0.0)
      descendants_tracker (~> 0.0.1)
    coffee-rails (4.1.0)
      coffee-script (>= 2.2.0)
      railties (>= 4.0.0, < 5.0)
    coffee-script (2.4.1)
      coffee-script-source
      execjs
    coffee-script-source (1.9.1.1)
    colorize (0.7.7)
    concurrent-ruby (1.0.5)
    connection_pool (2.2.1)
    countries (0.11.4)
      currencies (~> 0.4.2)
      i18n_data (~> 0.7.0)
    css_parser (1.3.6)
      addressable
    csv_shaper (1.2.0)
      activesupport (>= 3.0.0)
    currencies (0.4.2)
    database_cleaner (1.4.1)
    debug_inspector (0.0.2)
    descendants_tracker (0.0.4)
      thread_safe (~> 0.3, >= 0.3.1)
    devise (3.5.1)
      bcrypt (~> 3.0)
      orm_adapter (~> 0.1)
      railties (>= 3.2.6, < 5)
      responders
      thread_safe (~> 0.1)
      warden (~> 1.2.3)
    devise_invitable (1.5.0)
      actionmailer (>= 3.2.6, < 5)
      devise (>= 3.2.0)
    diff-lcs (1.2.5)
    docx (0.2.07)
      nokogiri (~> 1.5)
      rubyzip (~> 1.1.6)
    domain_name (0.5.20160216)
      unf (>= 0.0.5, < 1.0.0)
    doorkeeper (4.0.0.rc2)
      railties (>= 3.1)
    ejs (1.1.1)
    elasticsearch (1.0.15)
      elasticsearch-api (= 1.0.15)
      elasticsearch-transport (= 1.0.15)
    elasticsearch-api (1.0.15)
      multi_json
    elasticsearch-transport (1.0.15)
      faraday
      multi_json
    em-hiredis (0.3.1)
      eventmachine (~> 1.0)
      hiredis (~> 0.6.0)
    email_validator (1.6.0)
      activemodel
    equalizer (0.0.11)
    erubis (2.7.0)
    ethon (0.8.0)
      ffi (>= 1.3.0)
    eventmachine (1.2.0.1)
    execjs (2.5.2)
    factory_girl (4.5.0)
      activesupport (>= 3.0.0)
    factory_girl_rails (4.5.0)
      factory_girl (~> 4.5.0)
      railties (>= 3.0.0)
    faraday (0.9.1)
      multipart-post (>= 1.2, < 3)
    faye-websocket (0.10.4)
      eventmachine (>= 0.12.0)
      websocket-driver (>= 0.5.1)
    ffaker (2.0.0)
    ffi (1.9.8)
    foreman (0.78.0)
      thor (~> 0.19.1)
    formatador (0.2.5)
    formtastic (3.1.3)
      actionpack (>= 3.2.13)
    formtastic_i18n (0.4.1)
    friendly_id (5.1.0)
      activerecord (>= 4.0.0)
    geocoder (1.2.8)
    gibberish (2.1.0)
    globalid (0.3.5)
      activesupport (>= 4.1.0)
    grape (0.9.0)
      activesupport
      builder
      hashie (>= 2.1.0)
      multi_json (>= 1.3.2)
      multi_xml (>= 0.5.2)
      rack (>= 1.3.0)
      rack-accept
      rack-mount
      virtus (>= 1.0.0)
    grape-entity (0.4.8)
      activesupport
      multi_json (>= 1.3.2)
    grape-kaminari (0.1.8)
      grape
      kaminari
    grape-rails-cache (0.1.2)
      activesupport
      grape
    grape-raketasks (0.0.3)
      activesupport
      grape
      rake
    groupdate (3.0.2)
      activesupport (>= 3)
    guard (2.12.6)
      formatador (>= 0.2.4)
      listen (~> 2.7)
      lumberjack (~> 1.0)
      nenv (~> 0.1)
      notiffany (~> 0.0)
      pry (>= 0.9.12)
      shellany (~> 0.0)
      thor (>= 0.18.1)
    guard-compat (1.2.1)
    guard-rspec (4.5.2)
      guard (~> 2.1)
      guard-compat (~> 1.1)
      rspec (>= 2.99.0, < 4.0)
    has_scope (0.6.0)
      actionpack (>= 3.2, < 5)
      activesupport (>= 3.2, < 5)
    hashie (3.4.2)
    hiredis (0.6.1)
    hitimes (1.2.4)
    hpricot (0.8.6)
    htmlentities (4.3.3)
    http (0.6.4)
      http_parser.rb (~> 0.6.0)
    http-cookie (1.0.2)
      domain_name (~> 0.5)
    http_parser.rb (0.6.0)
    httparty (0.13.5)
      json (~> 1.8)
      multi_xml (>= 0.5.2)
    i18n (0.7.0)
    i18n_data (0.7.0)
    ice_cube (0.11.1)
    ice_nine (0.11.1)
    igetui-ruby (1.2.2)
      json (~> 1.8, >= 1.8.1)
      ruby-protocol-buffers (~> 1.5, >= 1.5.1)
    imgkit (1.6.1)
    inherited_resources (1.6.0)
      actionpack (>= 3.2, < 5)
      has_scope (~> 0.6.0.rc)
      railties (>= 3.2, < 5)
      responders
    jbuilder (2.3.0)
      activesupport (>= 3.0.0, < 5)
      multi_json (~> 1.2)
    jquery-rails (4.0.4)
      rails-dom-testing (~> 1.0)
      railties (>= 4.2.0)
      thor (>= 0.14, < 2.0)
    jquery-ui-rails (5.0.5)
      railties (>= 3.2.16)
    json (1.8.6)
    json_expressions (0.8.3)
    jwt (1.5.0)
    kaminari (0.16.3)
      actionpack (>= 3.0.0)
      activesupport (>= 3.0.0)
    kgio (2.10.0)
    koala (1.11.1)
      addressable
      faraday
      multi_json
    legato (0.5.1)
      multi_json
    listen (2.10.0)
      celluloid (~> 0.16.0)
      rb-fsevent (>= 0.9.3)
      rb-inotify (>= 0.9)
    loofah (2.0.2)
      nokogiri (>= 1.5.9)
    lumberjack (1.0.9)
    mail (2.6.3)
      mime-types (>= 1.16, < 3)
    mailgun-ruby (1.0.3)
      json (~> 1.8)
      rest-client (~> 1.6)
    mechanize (2.7.3)
      domain_name (~> 0.5, >= 0.5.1)
      http-cookie (~> 1.0)
      mime-types (~> 2.0)
      net-http-digest_auth (~> 1.1, >= 1.1.1)
      net-http-persistent (~> 2.5, >= 2.5.2)
      nokogiri (~> 1.4)
      ntlm-http (~> 0.1, >= 0.1.1)
      webrobots (>= 0.0.9, < 0.2)
    memoizable (0.4.2)
      thread_safe (~> 0.3, >= 0.3.1)
    method_source (0.8.2)
    mime-types (2.4.3)
    mini_magick (4.3.6)
    mini_portile (0.6.2)
    minitest (5.7.0)
    mongo (2.1.2)
      bson (~> 3.0)
    mongoid (5.0.1)
      activemodel (~> 4.0)
      mongo (~> 2.1)
      origin (~> 2.1)
      tzinfo (>= 0.3.37)
    multi_json (1.11.1)
    multi_logger (0.1.0)
      railties
    multi_xml (0.5.5)
    multipart-post (2.0.0)
    mysql2 (0.3.18)
    naught (1.0.0)
    nenv (0.2.0)
    net-http-digest_auth (1.4)
    net-http-persistent (2.9.4)
    net-scp (1.2.1)
      net-ssh (>= 2.6.5)
    net-ssh (2.9.2)
    netrc (0.11.0)
    newrelic_rpm (4.1.0.333)
    nokogiri (1.6.6.2)
      mini_portile (~> 0.6.0)
    non-stupid-digest-assets (1.0.8)
      sprockets (>= 2.0)
    notiffany (0.0.6)
      nenv (~> 0.1)
      shellany (~> 0.0)
    ntlm-http (0.1.1)
    oauth (0.4.7)
    oauth2 (1.0.0)
      faraday (>= 0.8, < 0.10)
      jwt (~> 1.0)
      multi_json (~> 1.3)
      multi_xml (~> 0.5)
      rack (~> 1.2)
    omniauth (1.2.2)
      hashie (>= 1.2, < 4)
      rack (~> 1.0)
    omniauth-facebook (2.0.1)
      omniauth-oauth2 (~> 1.2)
    omniauth-google-oauth2 (0.2.6)
      omniauth (> 1.0)
      omniauth-oauth2 (~> 1.1)
    omniauth-linkedin (0.2.0)
      omniauth-oauth (~> 1.0)
    omniauth-linkedin-oauth2 (0.1.5)
      omniauth (~> 1.0)
      omniauth-oauth2
    omniauth-oauth (1.1.0)
      oauth
      omniauth (~> 1.0)
    omniauth-oauth2 (1.3.0)
      oauth2 (~> 1.0)
      omniauth (~> 1.2)
    omniauth-qq (0.3.0)
      multi_json
      omniauth (~> 1.0)
      omniauth-oauth (~> 1.0)
      omniauth-oauth2 (~> 1.0)
    omniauth-twitter (1.2.0)
      json (~> 1.3)
      omniauth-oauth (~> 1.1)
    omniauth-weibo-oauth2 (0.4.0)
      omniauth (~> 1.0)
      omniauth-oauth2 (~> 1.0)
    origin (2.1.1)
    orm_adapter (0.5.0)
    paperclip (4.2.2)
      activemodel (>= 3.0.0)
      activesupport (>= 3.0.0)
      cocaine (~> 0.5.3)
      mime-types
    pdf-core (0.5.1)
    polyamorous (1.3.0)
      activerecord (>= 3.0)
    posix-spawn (0.3.11)
    prawn (2.0.1)
      pdf-core (~> 0.5.1)
      ttfunk (~> 1.4.0)
    premailer (1.8.4)
      css_parser (>= 1.3.6)
      htmlentities (>= 4.0.0)
    premailer-rails (1.8.2)
      actionmailer (>= 3, < 5)
      premailer (~> 1.7, >= 1.7.9)
    pry (0.10.1)
      coderay (~> 1.1.0)
      method_source (~> 0.8.1)
      slop (~> 3.4)
    pry-nav (0.2.4)
      pry (>= 0.9.10, < 0.11.0)
    pry-rails (0.3.4)
      pry (>= 0.9.10)
    pry-stack_explorer (0.4.9.1)
      binding_of_caller (>= 0.7)
      pry (>= 0.9.11)
    puma (3.9.1)
    qiniu (6.5.1)
      json (~> 1.8)
      mime-types (~> 2.4.3)
      rest-client (~> 1.7.3)
      ruby-hmac (~> 0.4)
    quiet_assets (1.1.0)
      railties (>= 3.1, < 5.0)
    qy_wechat (1.0.1)
      multi_xml (>= 0.5.2)
      nokogiri (>= 1.6.1)
      rails (>= 3.1)
      railties (>= 3.1)
      roxml
    rack (1.6.4)
    rack-accept (0.4.5)
      rack (>= 0.4)
    rack-attack (4.4.1)
      rack
    rack-cors (0.4.0)
    rack-mini-profiler (0.10.5)
      rack (>= 1.2.0)
    rack-mount (0.8.3)
      rack (>= 1.0.0)
    rack-protection (1.5.3)
      rack
    rack-test (0.6.3)
      rack (>= 1.0)
    railroady (1.3.1)
    rails (4.2.0)
      actionmailer (= 4.2.0)
      actionpack (= 4.2.0)
      actionview (= 4.2.0)
      activejob (= 4.2.0)
      activemodel (= 4.2.0)
      activerecord (= 4.2.0)
      activesupport (= 4.2.0)
      bundler (>= 1.3.0, < 2.0)
      railties (= 4.2.0)
      sprockets-rails
    rails-assets-backbone (1.1.2)
      rails-assets-underscore (>= 1.5.0)
    rails-assets-backbone-relational (0.9.0)
      rails-assets-backbone (>= 1.1.2)
      rails-assets-underscore (>= 1.5.0)
    rails-assets-backbone.babysitter (0.1.12)
      rails-assets-backbone (>= 0.9.9, <= 1.3)
      rails-assets-underscore (>= 1.4.0, <= 1.8.3)
    rails-assets-backbone.marionette (2.4.1)
      rails-assets-backbone (>= 1.0.0, < 1.1.3)
      rails-assets-backbone.babysitter (>= 0.1.0, < 0.2)
      rails-assets-backbone.wreqr (>= 1.0.0, < 2)
      rails-assets-jquery
      rails-assets-underscore (>= 1.4.4, < 1.6.1)
    rails-assets-backbone.modelbinder (1.1.0)
      rails-assets-backbone (>= 0.9.0)
      rails-assets-jquery (>= 1.7.1)
      rails-assets-underscore (>= 1.3.1)
    rails-assets-backbone.wreqr (1.4.0)
      rails-assets-backbone (>= 0.9.9, <= 1.3)
      rails-assets-underscore (>= 1.3.3, <= 1.8.3)
    rails-assets-bootstrap (3.3.7)
      rails-assets-jquery (>= 1.9.1, < 4)
    rails-assets-bootstrap-sass (3.3.4)
      rails-assets-jquery (>= 1.9.0)
    rails-assets-bootstrap-sweetalert (1.0.1)
    rails-assets-bootstrap-validator (0.11.9)
      rails-assets-jquery (>= 1.8.3)
    rails-assets-bootstrap.growl (2.0.1)
      rails-assets-bootstrap (>= 2.0.0)
      rails-assets-jquery (>= 1.10.2)
    rails-assets-datatables (1.10.15)
      rails-assets-jquery (>= 1.7.0)
    rails-assets-datatables-tabletools (2.2.4)
      rails-assets-datatables (>= 1.9.0)
      rails-assets-jquery (>= 1.7.0)
    rails-assets-datejs (1.0.0.rc3)
    rails-assets-eonasdan-bootstrap-datetimepicker (4.17.47)
      rails-assets-jquery (>= 1.8.3)
      rails-assets-moment (>= 2.10.5)
    rails-assets-font-awsome (4.3.0)
    rails-assets-jquery (3.2.1)
    rails-assets-moment (2.18.1)
    rails-assets-momentjs (2.18.1)
    rails-assets-please-wait (0.0.5)
    rails-assets-sass-bootstrap-glyphicons (1.0.0)
    rails-assets-select2 (3.5.2)
      rails-assets-jquery (>= 1.7.1)
    rails-assets-select2-bootstrap-css (1.4.6)
      rails-assets-select2 (>= 3.3.2, < 4)
    rails-assets-spinjs (2.3.2)
    rails-assets-spinkit (1.2.5)
    rails-assets-timeago (1.5.4)
      rails-assets-jquery (>= 1.4)
    rails-assets-underscore (1.6.0)
    rails-assets-underscore.inflection (1.1.1)
      rails-assets-underscore (~> 1.6.0)
    rails-assets-underscore.string (3.3.4)
    rails-deprecated_sanitizer (1.0.3)
      activesupport (>= 4.2.0.alpha)
    rails-dom-testing (1.0.6)
      activesupport (>= 4.2.0.beta, < 5.0)
      nokogiri (~> 1.6.0)
      rails-deprecated_sanitizer (>= 1.0.1)
    rails-html-sanitizer (1.0.2)
      loofah (~> 2.0)
    rails-observers (0.1.2)
      activemodel (~> 4.0)
    rails-settings-cached (0.4.1)
      rails (>= 4.0.0)
    railties (4.2.0)
      actionpack (= 4.2.0)
      activesupport (= 4.2.0)
      rake (>= 0.8.7)
      thor (>= 0.18.1, < 2.0)
    rainbow (2.1.0)
    raindrops (0.15.0)
    rake (11.2.2)
    rb-fsevent (0.9.5)
    rb-inotify (0.9.5)
      ffi (>= 0.5.0)
    rb-readline (0.5.4)
    rdoc (4.2.0)
    react_on_rails (5.2.0)
      connection_pool
      execjs (~> 2.5)
      foreman
      rails (>= 3.2)
      rainbow (~> 2.1)
    redis (3.3.3)
    redis-actionpack (4.0.1)
      actionpack (~> 4)
      redis-rack (~> 1.5.0)
      redis-store (~> 1.1.0)
    redis-activesupport (4.1.1)
      activesupport (~> 4)
      redis-store (~> 1.1.0)
    redis-namespace (1.5.2)
      redis (~> 3.0, >= 3.0.4)
    redis-objects (1.2.0)
      redis (>= 3.0.2)
    redis-rack (1.5.0)
      rack (~> 1.5)
      redis-store (~> 1.1.0)
    redis-rails (4.0.0)
      redis-actionpack (~> 4)
      redis-activesupport (~> 4)
      redis-store (~> 1.1.0)
    redis-store (1.1.6)
      redis (>= 2.2)
    responders (2.1.0)
      railties (>= 4.2.0, < 5)
    rest-client (1.7.3)
      mime-types (>= 1.16, < 3.0)
      netrc (~> 0.7)
    roadie (3.0.5)
      css_parser (~> 1.3.4)
      nokogiri (~> 1.6.0)
    rolify (5.1.0)
    roo (2.4.0)
      nokogiri (~> 1)
      rubyzip (~> 1.1, < 2.0.0)
    roxml (3.3.1)
      activesupport (>= 2.3.0)
      nokogiri (>= 1.3.3)
    rspec (3.2.0)
      rspec-core (~> 3.2.0)
      rspec-expectations (~> 3.2.0)
      rspec-mocks (~> 3.2.0)
    rspec-activemodel-mocks (1.0.1)
      activemodel (>= 3.0)
      activesupport (>= 3.0)
      rspec-mocks (>= 2.99, < 4.0)
    rspec-core (3.2.3)
      rspec-support (~> 3.2.0)
    rspec-expectations (3.2.1)
      diff-lcs (>= 1.2.0, < 2.0)
      rspec-support (~> 3.2.0)
    rspec-mocks (3.2.1)
      diff-lcs (>= 1.2.0, < 2.0)
      rspec-support (~> 3.2.0)
    rspec-rails (3.2.3)
      actionpack (>= 3.0, < 4.3)
      activesupport (>= 3.0, < 4.3)
      railties (>= 3.0, < 4.3)
      rspec-core (~> 3.2.0)
      rspec-expectations (~> 3.2.0)
      rspec-mocks (~> 3.2.0)
      rspec-support (~> 3.2.0)
    rspec-sidekiq (2.1.0)
      rspec (~> 3.0, >= 3.0.0)
      sidekiq (>= 2.4.0)
    rspec-support (3.2.2)
    ruby-hmac (0.4.0)
    ruby-ole (1.2.12)
    ruby-protocol-buffers (1.6.1)
    rubyzip (1.1.7)
    rucaptcha (0.3.2)
      posix-spawn (>= 0.3.0)
    sass (3.4.14)
    sass-rails (5.0.3)
      railties (>= 4.0.0, < 5.0)
      sass (~> 3.1)
      sprockets (>= 2.8, < 4.0)
      sprockets-rails (>= 2.0, < 4.0)
      tilt (~> 1.1)
    sdoc (0.4.1)
      json (~> 1.7, >= 1.7.7)
      rdoc (~> 4.0)
    shellany (0.0.1)
    shoulda-matchers (3.0.1)
      activesupport (>= 4.0.0)
    sidekiq (4.2.10)
      concurrent-ruby (~> 1.0)
      connection_pool (~> 2.2, >= 2.2.0)
      rack-protection (>= 1.5.0)
      redis (~> 3.2, >= 3.2.1)
    sidekiq-limit_fetch (3.0.1)
      sidekiq (>= 4)
    sidetiq (0.6.3)
      celluloid (>= 0.14.1)
      ice_cube (= 0.11.1)
      sidekiq (>= 3.0.0)
    simple_oauth (0.3.1)
    sinatra (1.4.6)
      rack (~> 1.4)
      rack-protection (~> 1.4)
      tilt (>= 1.3, < 3)
    slack-notifier (1.5.1)
    slackistrano (1.0.0)
      capistrano (>= 3.0.1)
      json
    slop (3.6.0)
    sort_alphabetical (1.0.1)
      unicode_utils (>= 1.2.2)
    spreadsheet (1.1.2)
      ruby-ole (>= 1.0)
    spring (2.0.2)
      activesupport (>= 4.2)
    spring-commands-rspec (1.0.4)
      spring (>= 0.9.1)
    sprockets (3.2.0)
      rack (~> 1.0)
    sprockets-rails (2.3.1)
      actionpack (>= 3.0)
      activesupport (>= 3.0)
      sprockets (>= 2.8, < 4.0)
    sshkit (1.7.1)
      colorize (>= 0.7.0)
      net-scp (>= 1.1.2)
      net-ssh (>= 2.8.0)
    thor (0.19.1)
    thread_safe (0.3.5)
    tilt (1.4.1)
    timers (4.0.4)
      hitimes
    truncate_html (0.9.3)
    ttfunk (1.4.0)
    turbolinks (2.5.3)
      coffee-rails
    twilio-ruby (4.2.1)
      builder (>= 2.1.2)
      jwt (~> 1.0)
      multi_json (>= 1.3.0)
    twitter (5.14.0)
      addressable (~> 2.3)
      buftok (~> 0.2.0)
      equalizer (~> 0.0.9)
      faraday (~> 0.9.0)
      http (~> 0.6.0)
      http_parser.rb (~> 0.6.0)
      json (~> 1.8)
      memoizable (~> 0.4.0)
      naught (~> 1.0)
      simple_oauth (~> 0.3.0)
    typhoeus (0.8.0)
      ethon (>= 0.8.0)
    tzinfo (1.2.2)
      thread_safe (~> 0.1)
    uglifier (2.7.1)
      execjs (>= 0.3.0)
      json (>= 1.8.0)
    unf (0.1.4)
      unf_ext
    unf_ext (0.0.7.2)
    unicode_utils (1.4.0)
    unicorn (4.8.3)
      kgio (~> 2.6)
      rack
      raindrops (~> 0.7)
    virtus (1.0.5)
      axiom-types (~> 0.1)
      coercible (~> 1.0)
      descendants_tracker (~> 0.0, >= 0.0.3)
      equalizer (~> 0.0, >= 0.0.9)
    warden (1.2.3)
      rack (>= 1.0)
    web-console (2.1.2)
      activemodel (>= 4.0)
      binding_of_caller (>= 0.7.2)
      railties (>= 4.0)
      sprockets-rails (>= 2.0, < 4.0)
    webrobots (0.1.1)
    websocket-driver (0.6.4)
      websocket-extensions (>= 0.1.0)
    websocket-extensions (0.1.2)
    weixin_authorize (1.6.3)
      carrierwave (>= 0.10.0)
      mini_magick (>= 3.7.0)
      redis (>= 3.1.0)
      rest-client (>= 1.6.7)
      yajl-ruby (>= 1.2.0)
    whenever (0.9.4)
      chronic (>= 0.6.3)
    will_paginate (3.0.7)
    will_paginate-bootstrap (1.0.1)
      will_paginate (>= 3.0.3)
    xpath (2.0.0)
      nokogiri (~> 1.3)
    yajl-ruby (1.2.1)

PLATFORMS
  ruby

DEPENDENCIES
  actioncable!
  active_model_serializers (~> 0.8.0)
  activeadmin (~> 1.0.0.pre1)
  activeresource
  airbrake (~> 6.0)
  alipay (~> 0.12.0)
  aylien_text_api
  bootstrap-sass (~> 3.3.6)
  bundler (>= 1.7.0)
  cancancan (~> 1.10)
  capistrano-bundler (~> 1.1.4)
  capistrano-faster-assets (~> 1.0)
  capistrano-rails (~> 1.1.3)
  capistrano-rbenv (~> 2.0.3)
  capistrano-sidekiq
  capistrano-ssh-doctor (~> 1.0.0)
  capistrano3-unicorn (~> 0.2.0)
  capybara
  caracal-rails
  carrierwave
  carrierwave-qiniu!
  charlock_holmes
  china_sms
  coffee-rails (~> 4.1.0)
  countries
  country_select!
  crm!
  csv_shaper
  database_cleaner
  devise
  devise_invitable
  docx
  doorkeeper
  ejs
  elasticsearch
  email_validator
  factory_girl_rails
  ffaker
  foreman
  friendly_id (~> 5.1.0)
  geocoder
  gibberish
  grape (~> 0.9.0)
  grape-entity (~> 0.4.3)
  grape-kaminari
  grape-rails-cache
  grape-raketasks
  groupdate (~> 3.0, >= 3.0.2)
  guard-rspec
  has_scope
  hpricot
  htmlentities
  httparty
  igetui-ruby
  imgkit
  jbuilder (~> 2.0)
  jquery-rails (= 4.0.4)
  jquery-ui-rails
  json_expressions
  jwt
  koala (~> 1.11.0rc)
  legato
  mailgun-ruby
  mechanize
  mongoid (~> 5.0.0)
  multi_logger
  mysql2
  newrelic_rpm
  non-stupid-digest-assets
  oauth2
  omniauth
  omniauth-facebook
  omniauth-google-oauth2
  omniauth-linkedin
  omniauth-linkedin-oauth2
  omniauth-qq
  omniauth-twitter
  omniauth-wechat-oauth2!
  omniauth-weibo-oauth2
  paperclip (~> 4.2.1)
  prawn
  premailer-rails
  pry-nav (= 0.2.4)
  pry-rails
  pry-stack_explorer (= 0.4.9.1)
  puma
  qiniu (~> 6.5.1)
  quiet_assets
  qy_wechat (~> 1.0.1)
  rack-attack
  rack-cors
  rack-mini-profiler
  rack-test
  railroady
  rails (= 4.2.0)
  rails-assets-backbone-relational!
  rails-assets-backbone.babysitter!
  rails-assets-backbone.marionette (= 2.4.1)!
  rails-assets-backbone.modelbinder!
  rails-assets-bootstrap-sass (= 3.3.4)!
  rails-assets-bootstrap-sweetalert!
  rails-assets-bootstrap-validator!
  rails-assets-bootstrap.growl (= 2.0.1)!
  rails-assets-datatables!
  rails-assets-datatables-tabletools!
  rails-assets-datejs!
  rails-assets-eonasdan-bootstrap-datetimepicker (>= 4.17)!
  rails-assets-font-awsome (= 4.3)!
  rails-assets-momentjs!
  rails-assets-please-wait!
  rails-assets-sass-bootstrap-glyphicons!
  rails-assets-select2 (= 3.5.2)!
  rails-assets-select2-bootstrap-css!
  rails-assets-spinjs!
  rails-assets-spinkit!
  rails-assets-timeago!
  rails-assets-underscore.inflection!
  rails-assets-underscore.string!
  rails-settings-cached
  ransack!
  rb-readline
  react_on_rails (~> 5.2.0)
  redis-namespace
  redis-objects
  redis-rails
  rest-client
  roadie (~> 3.0.5)
  rolify
  roo
  rspec-activemodel-mocks
  rspec-mocks
  rspec-rails
  rspec-sidekiq
  rucaptcha
  sass-rails (~> 5.0)
  sdoc (~> 0.4.0)
  shoulda-matchers (~> 3.0)
  sidekiq (~> 4.2.10)
  sidekiq-limit_fetch (~> 3.0.0)
  sidetiq
  sinatra
  slack-notifier
  slackistrano
  spreadsheet
  spring
  spring-commands-rspec
  truncate_html
  turbolinks
  twilio-ruby (~> 4.2.1)
  twitter
  typhoeus
  uglifier (>= 1.3.0)
  unicorn (= 4.8.3)
  web-console (~> 2.0)
  weixin_authorize
  whenever
  will_paginate (~> 3.0.6)
  will_paginate-bootstrap

BUNDLED WITH
   1.14.6
